GEM
  remote: https://rubygems.org/
  specs:
    RedCloth (4.2.9)
    activesupport (3.2.13)
      i18n (= 0.6.1)
      multi_json (~> 1.0)
    fetcher (0.1.0)
    gli (2.6.0)
    i18n (0.6.1)
    kramdown (1.0.2)
    logutils (0.6.0)
    markdown (1.1.1)
      kramdown (>= 1.0.2)
      props (>= 1.0.0)
      textutils (>= 0.6.4)
    multi_json (1.7.7)
    pakman (0.4.0)
      fetcher (>= 0.1.0)
    plist (3.1.0)
    props (1.0.0)
    slideshow (2.0.1)
      RedCloth (>= 4.2.9)
      activesupport (>= 3.2.6)
      gli (>= 2.5.6)
      logutils (>= 0.6.0)
      markdown (>= 1.0.0)
      pakman (>= 0.4.0)
      props (>= 1.0.0)
      textutils (>= 0.2.0)
    textpow (1.3.1)
      plist (>= 3.0.1)
    textutils (0.6.5)
      logutils (~> 0.5)
    ultraviolet (1.0.1)
      textpow (>= 1.3.0)

PLATFORMS
  ruby

DEPENDENCIES
  slideshow
  ultraviolet
